GEM
  remote: https://rubygems.org/
  specs:
    csv (3.2.6)
    date (3.3.3)
    json (2.6.3)
    nokogiri (1.14.2-arm64-darwin)
      racc (~> 1.4)
    open-uri (0.3.0)
      stringio
      time
      uri
    racc (1.6.2)
    stringio (3.0.5)
    time (0.2.1)
      date
    uri (0.12.0)

PLATFORMS
  arm64-darwin-21

DEPENDENCIES
  csv
  json
  nokogiri
  open-uri

BUNDLED WITH
   2.3.23
